PATH
  remote: .
  specs:
    google_places (0.0.8)
      httparty

PATH
  remote: ~/httparty
  specs:
    httparty (0.8.1)
      multi_json
      multi_xml

GEM
  remote: http://rubygems.org/
  specs:
    diff-lcs (1.1.2)
    fakeweb (1.3.0)
    multi_json (1.0.4)
    multi_xml (0.4.1)
    rspec (2.6.0)
      rspec-core (~> 2.6.0)
      rspec-expectations (~> 2.6.0)
      rspec-mocks (~> 2.6.0)
    rspec-core (2.6.0)
    rspec-expectations (2.6.0)
      diff-lcs (~> 1.1.2)
    rspec-mocks (2.6.0)
    vcr (1.9.0)

PLATFORMS
  ruby

DEPENDENCIES
  fakeweb
  google_places!
  httparty!
  rspec
  vcr
